GEM
  remote: https://rubygems.org/
  specs:
    io-console (0.5.11)
    irb (1.4.1)
      reline (>= 0.3.0)
    parslet (2.0.0)
    reline (0.3.1)
      io-console (~> 0.5)
    toml (0.3.0)
      parslet (>= 1.8.0, < 3.0.0)

PLATFORMS
  ruby

DEPENDENCIES
  irb (~> 1.4, >= 1.4.1)
  toml (~> 0.3.0)

BUNDLED WITH
   2.1.4
