GEM
  remote: https://rubygems.org/
  specs:
    childprocess (4.1.0)
    colorize (0.8.1)
    io-console (0.5.11)
    irb (1.4.1)
      reline (>= 0.3.0)
    mini_portile2 (2.8.0)
    nokogiri (1.13.3)
      mini_portile2 (~> 2.8.0)
      racc (~> 1.4)
    os (1.1.4)
    parslet (2.0.0)
    racc (1.6.0)
    rake (13.0.6)
    reline (0.3.1)
      io-console (~> 0.5)
    rexml (3.2.5)
    rubyzip (2.3.2)
    selenium-webdriver (4.1.0)
      childprocess (>= 0.5, < 5.0)
      rexml (~> 3.2, >= 3.2.5)
      rubyzip (>= 1.2.2)
    toml (0.3.0)
      parslet (>= 1.8.0, < 3.0.0)
    webdrivers (5.0.0)
      nokogiri (~> 1.6)
      rubyzip (>= 1.3.0)
      selenium-webdriver (~> 4.0)

PLATFORMS
  ruby

DEPENDENCIES
  colorize (~> 0.8.1)
  irb (~> 1.4, >= 1.4.1)
  os (~> 1.1, >= 1.1.4)
  rake (~> 13.0, >= 13.0.6)
  selenium-webdriver (~> 4.1)
  toml (~> 0.3.0)
  webdrivers (~> 5.0)

BUNDLED WITH
   2.1.4
